GEM
  remote: https://rubygems.org/
  specs:
    asciidoctor (1.5.2)
    diff-lcs (1.2.5)
    json (1.8.1)
    rdoc (4.2.0)
    rspec (3.3.0)
      rspec-core (~> 3.3.0)
      rspec-expectations (~> 3.3.0)
      rspec-mocks (~> 3.3.0)
    rspec-core (3.3.1)
      rspec-support (~> 3.3.0)
    rspec-expectations (3.3.0)
      diff-lcs (>= 1.2.0, < 2.0)
      rspec-support (~> 3.3.0)
    rspec-mocks (3.3.1)
      diff-lcs (>= 1.2.0, < 2.0)
      rspec-support (~> 3.3.0)
    rspec-support (3.3.0)
    yard (0.8.7.6)

PLATFORMS
  ruby

DEPENDENCIES
  asciidoctor (~> 1.5.2)
  json (~> 1.8.1)
  rdoc (~> 4.2.0)
  rspec (~> 3.3.0)
  yard (~> 0.8.7.6)

BUNDLED WITH
   1.10.6
